PATH
  remote: .
  specs:
    uuid_ids (0.0.2)
      rails (>= 3.2.13)
      uuidtools (>= 2.1.4)

GEM
  remote: http://rubygems.org/
  specs:
    actionmailer (4.2.11.3)
      actionpack (= 4.2.11.3)
      actionview (= 4.2.11.3)
      activejob (= 4.2.11.3)
      mail (~> 2.5, >= 2.5.4)
      rails-dom-testing (~> 1.0, >= 1.0.5)
    actionpack (4.2.11.3)
      actionview (= 4.2.11.3)
      activesupport (= 4.2.11.3)
      rack (~> 1.6)
      rack-test (~> 0.6.2)
      rails-dom-testing (~> 1.0, >= 1.0.5)
      rails-html-sanitizer (~> 1.0, >= 1.0.2)
    actionview (4.2.11.3)
      activesupport (= 4.2.11.3)
      builder (~> 3.1)
      erubis (~> 2.7.0)
      rails-dom-testing (~> 1.0, >= 1.0.5)
      rails-html-sanitizer (~> 1.0, >= 1.0.3)
    activejob (4.2.11.3)
      activesupport (= 4.2.11.3)
      globalid (>= 0.3.0)
    activemodel (4.2.11.3)
      activesupport (= 4.2.11.3)
      builder (~> 3.1)
    activerecord (4.2.11.3)
      activemodel (= 4.2.11.3)
      activesupport (= 4.2.11.3)
      arel (~> 6.0)
    activesupport (4.2.11.3)
      i18n (~> 0.7)
      minitest (~> 5.1)
      thread_safe (~> 0.3, >= 0.3.4)
      tzinfo (~> 1.1)
    arel (6.0.4)
    builder (3.2.4)
    concurrent-ruby (1.1.10)
    coveralls (0.7.0)
      multi_json (~> 1.3)
      rest-client
      simplecov (>= 0.7)
      term-ansicolor
      thor
    crass (1.0.6)
    diff-lcs (1.5.0)
    docile (1.4.0)
    domain_name (0.5.20190701)
      unf (>= 0.0.5, < 1.0.0)
    erubis (2.7.0)
    globalid (0.4.2)
      activesupport (>= 4.2.0)
    http-accept (1.7.0)
    http-cookie (1.0.5)
      domain_name (~> 0.5)
    i18n (0.9.5)
      concurrent-ruby (~> 1.0)
    jquery-rails (2.2.1)
      railties (>= 3.0, < 5.0)
      thor (>= 0.14, < 2.0)
    loofah (2.18.0)
      crass (~> 1.0.2)
      nokogiri (>= 1.5.9)
    mail (2.7.1)
      mini_mime (>= 0.1.1)
    mime-types (3.4.1)
      mime-types-data (~> 3.2015)
    mime-types-data (3.2022.0105)
    mini_mime (1.1.2)
    mini_portile2 (2.8.0)
    minitest (5.16.0)
    multi_json (1.15.0)
    netrc (0.11.0)
    nokogiri (1.13.6)
      mini_portile2 (~> 2.8.0)
      racc (~> 1.4)
    racc (1.6.0)
    rack (1.6.13)
    rack-test (0.6.3)
      rack (>= 1.0)
    rails (4.2.11.3)
      actionmailer (= 4.2.11.3)
      actionpack (= 4.2.11.3)
      actionview (= 4.2.11.3)
      activejob (= 4.2.11.3)
      activemodel (= 4.2.11.3)
      activerecord (= 4.2.11.3)
      activesupport (= 4.2.11.3)
      bundler (>= 1.3.0, < 2.0)
      railties (= 4.2.11.3)
      sprockets-rails
    rails-deprecated_sanitizer (1.0.4)
      activesupport (>= 4.2.0.alpha)
    rails-dom-testing (1.0.9)
      activesupport (>= 4.2.0, < 5.0)
      nokogiri (~> 1.6)
      rails-deprecated_sanitizer (>= 1.0.1)
    rails-html-sanitizer (1.4.3)
      loofah (~> 2.3)
    railties (4.2.11.3)
      actionpack (= 4.2.11.3)
      activesupport (= 4.2.11.3)
      rake (>= 0.8.7)
      thor (>= 0.18.1, < 2.0)
    rake (13.0.6)
    rest-client (2.1.0)
      http-accept (>= 1.7.0, < 2.0)
      http-cookie (>= 1.0.2, < 2.0)
      mime-types (>= 1.16, < 4.0)
      netrc (~> 0.8)
    rspec-core (2.13.1)
    rspec-expectations (2.13.0)
      diff-lcs (>= 1.1.3, < 2.0)
    rspec-mocks (2.13.1)
    rspec-rails (2.13.1)
      actionpack (>= 3.0)
      activesupport (>= 3.0)
      railties (>= 3.0)
      rspec-core (~> 2.13.0)
      rspec-expectations (~> 2.13.0)
      rspec-mocks (~> 2.13.0)
    simplecov (0.21.2)
      docile (~> 1.1)
      simplecov-html (~> 0.11)
      simplecov_json_formatter (~> 0.1)
    simplecov-html (0.12.3)
    simplecov_json_formatter (0.1.4)
    sprockets (4.0.3)
      concurrent-ruby (~> 1.0)
      rack (> 1, < 3)
    sprockets-rails (3.2.2)
      actionpack (>= 4.0)
      activesupport (>= 4.0)
      sprockets (>= 3.0.0)
    sqlite3 (1.3.7)
    sync (0.5.0)
    term-ansicolor (1.7.1)
      tins (~> 1.0)
    thor (1.2.1)
    thread_safe (0.3.6)
    tins (1.31.1)
      sync
    tzinfo (1.2.9)
      thread_safe (~> 0.1)
    unf (0.1.4)
      unf_ext
    unf_ext (0.0.8.2)
    uuidtools (2.2.0)

PLATFORMS
  ruby

DEPENDENCIES
  coveralls
  jquery-rails
  rspec-rails
  sqlite3
  uuid_ids!
